PATH
  remote: .
  specs:
    asynchronize (0.4.0)

GEM
  remote: http://rubygems.org/
  specs:
    coderay (1.1.2)
    docile (1.3.1)
    ffi (1.9.25-java)
    json (2.1.0)
    json (2.1.0-java)
    method_source (0.9.0)
    minitest (5.11.3)
    pry (0.11.3)
      coderay (~> 1.1.0)
      method_source (~> 0.9.0)
    pry (0.11.3-java)
      coderay (~> 1.1.0)
      method_source (~> 0.9.0)
      spoon (~> 0.0)
    rake (12.3.1)
    simplecov (0.16.1)
      docile (~> 1.1)
      json (>= 1.8, < 3)
      simplecov-html (~> 0.10.0)
    simplecov-html (0.10.2)
    spoon (0.0.6)
      ffi

PLATFORMS
  java
  ruby

DEPENDENCIES
  asynchronize!
  minitest (~> 5.11)
  pry (~> 0.11)
  rake (~> 12.3)
  simplecov (~> 0.16)

BUNDLED WITH
   1.16.2
